GEM
  remote: https://rubygems.org/
  specs:
    optparse (0.3.1)

PLATFORMS
  arm64-darwin-23
  ruby

DEPENDENCIES
  optparse

BUNDLED WITH
   2.5.10
